{
    "Manufacturer": "Bruker BioSpin MRI GmbH",
    "ManufacturersModelName": "Biospec 94/30",
    "DeviceSerialNumber": "BT001005",
    "StationName": "Biospec 94/30",
    "SoftwareVersion": "6.0.1",
    "MagneticFieldStrength": 9.403062558849445,
    "ReceiveCoilName": "VisuCoilReceiveName",
    "ReceiveCoilActiveElements": "VisuCoilReceiveType",
    "GradientSetType": "ACQ_status",
    "MRTransmitCoilSequence": {
        "Name": "VisuCoilTransmitName",
        "Manufacture": "VisuCoilTransmitManufacturer",
        "Type": "VisuCoilTransmitType"
    },
    "CoilConfigName": "ACQ_coil_config_file",
    "MatrixCoilMode": "SingleExperiment",
    "CoilCombinationMethod": "Value was not specified",
    "PulseSequenceType": "EPI.ppg",
    "ScanningSequence": "Bruker:EPI",
    "SequenceVariant": "Both",
    "ScanOptions": {
        "RG": "No",
        "CG": "No",
        "PFF": 1,
        "PFP": 1.4,
        "FC": "FlowNone",
        "SP": "On",
        "FP": "NoSuppression"
    },
    "SequenceName": "2_BOLD_EPI_isotropic_wholebrain",
    "PulseSequenceDetails": "2_BOLD_EPI_isotropic_wholebrain (E21)",
    "NonlinearGradientCorrection": "RectilinearTraversal",
    "NumberShots": 1,
    "ParallelReductionFactorInPlane": 1,
    "ParallelAcquisitionTechnique": "Value was not specified",
    "PartialFourier": 1.4,
    "PartialFourierDirection": "j",
    "PhaseEncodingDirection": "j",
    "EffectiveEchoSpacing": 5.647058823529415e-06,
    "TotalReadoutTime": 0.00028800000000000017,
    "EchoTime": 0.014,
    "InversionTime": "VisuAcqInversionTime",
    "SliceTiming": [
        0.0,
        0.125,
        0.25,
        0.375,
        0.5,
        0.625,
        0.75,
        0.875,
        1.0,
        1.125,
        1.25,
        1.375,
        1.5,
        1.625,
        1.75,
        1.875,
        0.0625,
        0.1875,
        0.3125,
        0.4375,
        0.5625,
        0.6875,
        0.8125,
        0.9375,
        1.0625,
        1.1875,
        1.3125,
        1.4375,
        1.5625,
        1.6875,
        1.8125,
        1.9375
    ],
    "SliceEncodingDirection": "k",
    "DwellTime": 0.00028800000000000017,
    "FlipAngle": 70,
    "MultibandAccerlationFactor": "Value was not specified",
    "AnatomicalLandmarkCoordinates": "Value was not specified",
    "InstitutionName": "Univ. of North Carolina",
    "InstitutionAddress": "Value was not specified",
    "InstitutionalDepartmentName": "Value was not specified",
    "RepetitionTime": 2.0,
    "TaskName": "opto-STN",
    "NumberOfVolumesDiscardedByScanner": 8,
    "NumberOfVolumesDiscardedByUser": "Value was not specified",
    "TaskDescription": "Optogenetic stimulation of STN"
}